PATH
  remote: .
  specs:
    notifications (0.2.0)
      rails (>= 4.2.0, < 5.1)
      will_paginate (~> 3)

GEM
  remote: https://rubygems.org/
  specs:
    actioncable (5.0.1)
      actionpack (= 5.0.1)
      nio4r (~> 1.2)
      websocket-driver (~> 0.6.1)
    actionmailer (5.0.1)
      actionpack (= 5.0.1)
      actionview (= 5.0.1)
      activejob (= 5.0.1)
      mail (~> 2.5, >= 2.5.4)
      rails-dom-testing (~> 2.0)
    actionpack (5.0.1)
      actionview (= 5.0.1)
      activesupport (= 5.0.1)
      rack (~> 2.0)
      rack-test (~> 0.6.3)
      rails-dom-testing (~> 2.0)
      rails-html-sanitizer (~> 1.0, >= 1.0.2)
    actionview (5.0.1)
      activesupport (= 5.0.1)
      builder (~> 3.1)
      erubis (~> 2.7.0)
      rails-dom-testing (~> 2.0)
      rails-html-sanitizer (~> 1.0, >= 1.0.2)
    activejob (5.0.1)
      activesupport (= 5.0.1)
      globalid (>= 0.3.6)
    activemodel (5.0.1)
      activesupport (= 5.0.1)
    activerecord (5.0.1)
      activemodel (= 5.0.1)
      activesupport (= 5.0.1)
      arel (~> 7.0)
    activesupport (5.0.1)
      concurrent-ruby (~> 1.0, >= 1.0.2)
      i18n (~> 0.7)
      minitest (~> 5.1)
      tzinfo (~> 1.1)
    arel (7.1.4)
    autoprefixer-rails (6.7.4)
      execjs
    bcrypt (3.1.11)
    bootstrap (4.0.0.alpha6)
      autoprefixer-rails (>= 6.0.3)
      sass (>= 3.4.19)
    builder (3.2.3)
    codecov (0.1.9)
      json
      simplecov
      url
    coffee-rails (4.2.1)
      coffee-script (>= 2.2.0)
      railties (>= 4.0.0, < 5.2.x)
    coffee-script (2.4.1)
      coffee-script-source
      execjs
    coffee-script-source (1.12.2)
    concurrent-ruby (1.0.4)
    devise (4.2.0)
      bcrypt (~> 3.0)
      orm_adapter (~> 0.1)
      railties (>= 4.1.0, < 5.1)
      responders
      warden (~> 1.2.3)
    docile (1.1.5)
    erubis (2.7.0)
    execjs (2.7.0)
    factory_girl (4.8.0)
      activesupport (>= 3.0.0)
    globalid (0.3.7)
      activesupport (>= 4.1.0)
    i18n (0.8.0)
    jquery-rails (4.2.2)
      rails-dom-testing (>= 1, < 3)
      railties (>= 4.2.0)
      thor (>= 0.14, < 2.0)
    json (2.0.3)
    loofah (2.0.3)
      nokogiri (>= 1.5.9)
    mail (2.6.4)
      mime-types (>= 1.16, < 4)
    method_source (0.8.2)
    mime-types (3.1)
      mime-types-data (~> 3.2015)
    mime-types-data (3.2016.0521)
    mini_portile2 (2.1.0)
    minitest (5.10.1)
    mysql2 (0.4.5)
    nio4r (1.2.1)
    nokogiri (1.7.0.1)
      mini_portile2 (~> 2.1.0)
    orm_adapter (0.5.0)
    puma (3.7.1)
    rack (2.0.1)
    rack-test (0.6.3)
      rack (>= 1.0)
    rails (5.0.1)
      actioncable (= 5.0.1)
      actionmailer (= 5.0.1)
      actionpack (= 5.0.1)
      actionview (= 5.0.1)
      activejob (= 5.0.1)
      activemodel (= 5.0.1)
      activerecord (= 5.0.1)
      activesupport (= 5.0.1)
      bundler (>= 1.3.0, < 2.0)
      railties (= 5.0.1)
      sprockets-rails (>= 2.0.0)
    rails-dom-testing (2.0.2)
      activesupport (>= 4.2.0, < 6.0)
      nokogiri (~> 1.6)
    rails-html-sanitizer (1.0.3)
      loofah (~> 2.0)
    railties (5.0.1)
      actionpack (= 5.0.1)
      activesupport (= 5.0.1)
      method_source
      rake (>= 0.8.7)
      thor (>= 0.18.1, < 2.0)
    rake (12.0.0)
    responders (2.3.0)
      railties (>= 4.2.0, < 5.1)
    sass (3.4.23)
    sass-rails (5.0.6)
      railties (>= 4.0.0, < 6)
      sass (~> 3.1)
      sprockets (>= 2.8, < 4.0)
      sprockets-rails (>= 2.0, < 4.0)
      tilt (>= 1.1, < 3)
    simplecov (0.13.0)
      docile (~> 1.1.0)
      json (>= 1.8, < 3)
      simplecov-html (~> 0.10.0)
    simplecov-html (0.10.0)
    sprockets (3.7.1)
      concurrent-ruby (~> 1.0)
      rack (> 1, < 3)
    sprockets-rails (3.2.0)
      actionpack (>= 4.0)
      activesupport (>= 4.0)
      sprockets (>= 3.0.0)
    thor (0.19.4)
    thread_safe (0.3.5)
    tilt (2.0.6)
    tzinfo (1.2.2)
      thread_safe (~> 0.1)
    uglifier (3.0.4)
      execjs (>= 0.3.0, < 3)
    url (0.3.2)
    warden (1.2.7)
      rack (>= 1.0)
    websocket-driver (0.6.5)
      websocket-extensions (>= 0.1.0)
    websocket-extensions (0.1.2)
    will_paginate (3.1.5)

PLATFORMS
  ruby

DEPENDENCIES
  bootstrap (~> 4.0.0.alpha3.1)
  codecov
  coffee-rails
  devise (= 4.2.0)
  factory_girl
  jquery-rails
  minitest
  mysql2
  notifications!
  puma
  rails (~> 5.0)
  sass-rails
  simplecov
  uglifier
  will_paginate

BUNDLED WITH
   1.13.7
